GEM
  remote: https://rubygems.org/
  specs:
    ast (2.4.2)
    base64 (0.1.1)
    benchmark (0.4.0)
    coderay (1.1.3)
    diff-lcs (1.5.0)
    erubi (1.13.1)
    ffi (1.16.2)
    formatador (1.1.0)
    guard (2.18.1)
      formatador (>= 0.2.4)
      listen (>= 2.7, < 4.0)
      lumberjack (>= 1.0.12, < 2.0)
      nenv (~> 0.1)
      notiffany (~> 0.0)
      pry (>= 0.13.0)
      shellany (~> 0.0)
      thor (>= 0.18.1)
    guard-compat (1.2.1)
    guard-rspec (4.7.3)
      guard (~> 2.1)
      guard-compat (~> 1.1)
      rspec (>= 2.99.0, < 4.0)
    json (2.6.3)
    language_server-protocol (3.17.0.3)
    listen (3.8.0)
      rb-fsevent (~> 0.10, >= 0.10.3)
      rb-inotify (~> 0.9, >= 0.9.10)
    logger (1.7.0)
    lumberjack (1.2.9)
    method_source (1.0.0)
    nenv (0.3.0)
    netrc (0.11.0)
    notiffany (0.1.3)
      nenv (~> 0.1)
      shellany (~> 0.0)
    parallel (1.23.0)
    parser (3.2.2.3)
      ast (~> 2.4.1)
      racc
    prism (1.4.0)
    pry (0.14.2)
      coderay (~> 1.1)
      method_source (~> 1.0)
    pry-nav (1.0.0)
      pry (>= 0.9.10, < 0.15)
    racc (1.7.1)
    rainbow (3.1.1)
    rb-fsevent (0.11.2)
    rb-inotify (0.10.1)
      ffi (~> 1.0)
    rbi (0.3.2)
      prism (~> 1.0)
      rbs (>= 3.4.4)
      sorbet-runtime (>= 0.5.9204)
    rbs (3.9.2)
      logger
    regexp_parser (2.8.1)
    rexml (3.2.6)
    rspec (3.12.0)
      rspec-core (~> 3.12.0)
      rspec-expectations (~> 3.12.0)
      rspec-mocks (~> 3.12.0)
    rspec-core (3.12.2)
      rspec-support (~> 3.12.0)
    rspec-expectations (3.12.3)
      diff-lcs (>= 1.2.0, < 2.0)
      rspec-support (~> 3.12.0)
    rspec-mocks (3.12.6)
      diff-lcs (>= 1.2.0, < 2.0)
      rspec-support (~> 3.12.0)
    rspec-support (3.12.1)
    rubocop (1.56.4)
      base64 (~> 0.1.1)
      json (~> 2.3)
      language_server-protocol (>= 3.17.0)
      parallel (~> 1.10)
      parser (>= 3.2.2.3)
      rainbow (>= 2.2.2, < 4.0)
      regexp_parser (>= 1.8, < 3.0)
      rexml (>= 3.2.5, < 4.0)
      rubocop-ast (>= 1.28.1, < 2.0)
      ruby-progressbar (~> 1.7)
      unicode-display_width (>= 2.4.0, < 3.0)
    rubocop-ast (1.29.0)
      parser (>= 3.2.1.0)
    ruby-progressbar (1.13.0)
    shellany (0.0.1)
    sorbet (0.5.12059)
      sorbet-static (= 0.5.12059)
    sorbet-runtime (0.5.12059)
    sorbet-static (0.5.12059-x86_64-linux)
    sorbet-static-and-runtime (0.5.12059)
      sorbet (= 0.5.12059)
      sorbet-runtime (= 0.5.12059)
    spoom (1.6.1)
      erubi (>= 1.10.0)
      prism (>= 0.28.0)
      rbi (>= 0.2.3)
      sorbet-static-and-runtime (>= 0.5.10187)
      thor (>= 0.19.2)
    tapioca (0.16.11)
      benchmark
      bundler (>= 2.2.25)
      netrc (>= 0.11.0)
      parallel (>= 1.21.0)
      rbi (~> 0.2)
      sorbet-static-and-runtime (>= 0.5.11087)
      spoom (>= 1.2.0)
      thor (>= 1.2.0)
      yard-sorbet
    thor (1.2.2)
    unicode-display_width (2.5.0)
    yard (0.9.37)
    yard-sorbet (0.9.0)
      sorbet-runtime
      yard

PLATFORMS
  x86_64-linux

DEPENDENCIES
  guard
  guard-rspec
  pry-nav
  rspec
  rubocop
  sorbet
  tapioca

BUNDLED WITH
   2.4.12
